PATH
  remote: .
  specs:
    camper_van (0.0.1)
      eventmachine (~> 0.12.10)
      firering (~> 1.1.0)
      logging (~> 1.5.1)
      trollop (~> 1.16.2)

GEM
  remote: http://rubygems.org/
  specs:
    addressable (2.2.6)
    em-http-request (0.3.0)
      addressable (>= 2.0.0)
      escape_utils
      eventmachine (>= 0.12.9)
    escape_utils (0.2.4)
    eventmachine (0.12.10)
    firering (1.1.1)
      em-http-request (~> 0.3.0)
      eventmachine (~> 0.12.10)
      yajl-ruby (~> 0.7.6)
    growl (1.0.3)
    guard (0.8.4)
      thor (~> 0.14.6)
    little-plugger (1.1.2)
    logging (1.5.2)
      little-plugger (>= 1.1.2)
    rake (0.9.2.2)
    rb-fsevent (0.4.3.1)
    thor (0.14.6)
    trollop (1.16.2)
    yajl-ruby (0.7.9)

PLATFORMS
  ruby

DEPENDENCIES
  camper_van!
  growl
  guard
  rake
  rb-fsevent
