PATH
  remote: .
  specs:
    camper_van (0.0.8)
      eventmachine (~> 1.0.3)
      firering (~> 1.3.0)
      logging (~> 1.5.1)
      trollop (~> 1.16.2)

GEM
  remote: http://rubygems.org/
  specs:
    addressable (2.3.4)
    coderay (1.0.9)
    cookiejar (0.3.0)
    em-http-request (1.0.3)
      addressable (>= 2.2.3)
      cookiejar
      em-socksify
      eventmachine (>= 1.0.0.beta.4)
      http_parser.rb (>= 0.5.3)
    em-socksify (0.2.1)
      eventmachine (>= 1.0.0.beta.4)
    eventmachine (1.0.3)
    ffi (1.8.1)
    firering (1.3.0)
      em-http-request (~> 1.0.3)
      eventmachine (~> 1.0.3)
      yajl-ruby (~> 0.7.6)
    formatador (0.2.4)
    growl (1.0.3)
    guard (1.8.0)
      formatador (>= 0.2.4)
      listen (>= 1.0.0)
      lumberjack (>= 1.0.2)
      pry (>= 0.9.10)
      thor (>= 0.14.6)
    guard-minitest (0.5.0)
      guard (>= 0.4)
    http_parser.rb (0.5.3)
    listen (1.1.2)
      rb-fsevent (>= 0.9.3)
      rb-inotify (>= 0.9)
      rb-kqueue (>= 0.2)
    little-plugger (1.1.3)
    logging (1.5.2)
      little-plugger (>= 1.1.2)
    lumberjack (1.0.3)
    method_source (0.8.1)
    pry (0.9.12.2)
      coderay (~> 1.0.5)
      method_source (~> 0.8)
      slop (~> 3.4)
    rake (10.0.4)
    rb-fsevent (0.9.3)
    rb-inotify (0.9.0)
      ffi (>= 0.5.0)
    rb-kqueue (0.2.0)
      ffi (>= 0.5.0)
    slop (3.4.5)
    thor (0.18.1)
    trollop (1.16.2)
    yajl-ruby (0.7.9)

PLATFORMS
  ruby

DEPENDENCIES
  camper_van!
  growl
  guard-minitest
  rake
  rb-fsevent
